GEM
  remote: https://rubygems.org/
  specs:
    redcarpet (3.5.1)
    rouge (3.27.0)

PLATFORMS
  x86_64-linux

DEPENDENCIES
  redcarpet
  rouge

BUNDLED WITH
   2.2.33
